PATH
  remote: .
  specs:
    bundler-wrapper (0.0.5)
      bundler (>= 1.5.0)

GEM
  remote: http://rubygems.org/
  specs:
    diff-lcs (1.2.5)
    rake (10.4.2)
    rspec (3.2.0)
      rspec-core (~> 3.2.0)
      rspec-expectations (~> 3.2.0)
      rspec-mocks (~> 3.2.0)
    rspec-core (3.2.0)
      rspec-support (~> 3.2.0)
    rspec-expectations (3.2.0)
      diff-lcs (>= 1.2.0, < 2.0)
      rspec-support (~> 3.2.0)
    rspec-mocks (3.2.0)
      diff-lcs (>= 1.2.0, < 2.0)
      rspec-support (~> 3.2.0)
    rspec-support (3.2.1)

PLATFORMS
  ruby

DEPENDENCIES
  bundler-wrapper!
  rake (~> 10.4)
  rspec (~> 3.1)
